GEM
  remote: https://rubygems.org/
  specs:
    actionpack (4.2.7)
      actionview (= 4.2.7)
      activesupport (= 4.2.7)
      rack (~> 1.6)
      rack-test (~> 0.6.2)
      rails-dom-testing (~> 1.0, >= 1.0.5)
      rails-html-sanitizer (~> 1.0, >= 1.0.2)
    actionview (4.2.7)
      activesupport (= 4.2.7)
      builder (~> 3.1)
      erubis (~> 2.7.0)
      rails-dom-testing (~> 1.0, >= 1.0.5)
      rails-html-sanitizer (~> 1.0, >= 1.0.2)
    activesupport (4.2.7)
      i18n (~> 0.7)
      json (~> 1.7, >= 1.7.7)
      minitest (~> 5.1)
      thread_safe (~> 0.3, >= 0.3.4)
      tzinfo (~> 1.1)
    awesome_print (1.7.0)
    better_errors (2.1.1)
      coderay (>= 1.0.0)
      erubis (>= 2.6.6)
      rack (>= 0.9.0)
    binding.repl (3.0.0)
    binding_of_caller (0.7.2)
      debug_inspector (>= 0.0.1)
    bond (0.5.1)
    builder (3.2.2)
    byebug (9.0.5)
    callsite (0.0.11)
    cd (1.0.1)
    clipboard (1.1.0)
    code (0.9.0)
      coderay (~> 1.1)
      method_source (~> 0.8, >= 0.8.2)
    coderay (1.1.1)
    coolline (0.5.0)
      unicode_utils (~> 1.4)
    debug_inspector (0.0.2)
    debugging (1.1.0)
      binding.repl (~> 3.0)
      paint (>= 0.9, < 2.0)
    did_you_mean (1.0.2)
    erubis (2.7.0)
    every_day_irb (2.0.0)
      cd (~> 1.0)
    fancy_irb (1.0.2)
      paint (>= 0.9, < 2.0)
      unicode-display_width (~> 1.0)
    ffi (1.9.14)
    git-version-bump (0.15.1)
    hirb (0.7.3)
    i18n (0.7.0)
    instance (0.2.0)
    interactive_editor (0.0.10)
      spoon (>= 0.0.1)
    irbtools (2.0.1)
      binding.repl (~> 3.0)
      clipboard (~> 1.0, >= 1.0.6)
      code (~> 0.9)
      coderay (~> 1.1)
      debugging (~> 1.1)
      every_day_irb (~> 2.0)
      fancy_irb (~> 1.0)
      hirb (~> 0.7, >= 0.7.3)
      instance (~> 0.2)
      interactive_editor (~> 0.0, >= 0.0.10)
      method_locator (~> 0.0, >= 0.0.4)
      methodfinder (~> 2.0)
      ori (~> 0.1.0)
      os (~> 0.9)
      paint (>= 0.9, < 2.0)
      ruby_engine (~> 1.0)
      ruby_info (~> 1.0)
      ruby_version (~> 1.0)
      wirb (~> 2.0)
    irbtools-more (2.1.0)
      binding_of_caller (~> 0.7)
      bond (~> 0.5)
      did_you_mean (~> 1.0)
      irbtools (~> 2.0)
    jazz_fingers (4.0.1)
      awesome_print (~> 1.6)
      hirb (~> 0.7)
      pry (~> 0.10)
      pry-byebug (~> 3.4)
      pry-coolline (~> 0.2)
      pry-doc (~> 0.6)
    json (1.8.3)
    loofah (2.0.3)
      nokogiri (>= 1.5.9)
    map_by_method (0.8.3)
    meta_request (0.4.0)
      callsite (~> 0.0, >= 0.0.11)
      rack-contrib (~> 1.1)
      railties (>= 3.0.0, < 5.1.0)
    method_locator (0.0.4)
    method_source (0.8.2)
    methodfinder (2.0.0)
    mini_portile2 (2.1.0)
    minitest (5.9.0)
    nokogiri (1.6.8)
      mini_portile2 (~> 2.1.0)
      pkg-config (~> 1.1.7)
    ori (0.1.0)
    os (0.9.6)
    paint (1.0.1)
    pkg-config (1.1.7)
    pry (0.10.4)
      coderay (~> 1.1.0)
      method_source (~> 0.8.1)
      slop (~> 3.4)
    pry-byebug (3.4.0)
      byebug (~> 9.0)
      pry (~> 0.10)
    pry-coolline (0.2.5)
      coolline (~> 0.5)
    pry-doc (0.9.0)
      pry (~> 0.9)
      yard (~> 0.8)
    rack (1.6.4)
    rack-contrib (1.4.0)
      git-version-bump (~> 0.15)
      rack (~> 1.4)
    rack-test (0.6.3)
      rack (>= 1.0)
    rails-deprecated_sanitizer (1.0.3)
      activesupport (>= 4.2.0.alpha)
    rails-dom-testing (1.0.7)
      activesupport (>= 4.2.0.beta, < 5.0)
      nokogiri (~> 1.6.0)
      rails-deprecated_sanitizer (>= 1.0.1)
    rails-html-sanitizer (1.0.3)
      loofah (~> 2.0)
    railties (4.2.7)
      actionpack (= 4.2.7)
      activesupport (= 4.2.7)
      rake (>= 0.8.7)
      thor (>= 0.18.1, < 2.0)
    rake (11.2.2)
    ruby_engine (1.0.1)
    ruby_info (1.0.1)
    ruby_version (1.0.1)
    slop (3.6.0)
    spoon (0.0.4)
      ffi
    thor (0.19.1)
    thread_safe (0.3.5)
    tzinfo (1.2.2)
      thread_safe (~> 0.1)
    unicode-display_width (1.1.0)
    unicode_utils (1.4.0)
    what_methods (1.0.1)
    wirb (2.0.0)
      paint (>= 0.9, < 2.0)
    yard (0.9.0)

PLATFORMS
  ruby

DEPENDENCIES
  awesome_print
  better_errors
  binding_of_caller
  irbtools
  irbtools-more
  jazz_fingers
  map_by_method
  meta_request
  pry-byebug
  what_methods

RUBY VERSION
   ruby 2.3.1p112

BUNDLED WITH
   1.12.5
